NUGET
  remote: https://nuget.org/api/v2
  specs:
    FAKE (4.9.3)
    FSharp.Compiler.Service (1.4.0.6)
    FSharp.Core (4.0.0.1)
    FSharp.Formatting (2.12.0)
      FSharp.Compiler.Service (1.4.0.6)
      FSharpVSPowerTools.Core (2.1.0)
    FSharpVSPowerTools.Core (2.1.0)
      FSharp.Compiler.Service (>= 1.4.0.6)
    Microsoft.Bcl (1.1.10) - framework: net35, net40, dnx451, dnxcore50, monoandroid, monotouch, monomac, portable-net45+netcore45+wpa81+monoandroid1+monotouch1, xamarinios, xamarinmac, winv4.5, winv4.5.1
      Microsoft.Bcl.Build (>= 1.0.14)
    Microsoft.Bcl.Async (1.0.168) - framework: net35, net40, portable-net45+netcore45+wpa81+monoandroid1+monotouch1, monotouch, monoandroid, monomac, xamarinios, xamarinmac, winv4.5, winv4.5.1, dnx451, dnxcore50
      Microsoft.Bcl (>= 1.1.8)
    Microsoft.Bcl.Build (1.0.21) - import_targets: false, framework: net35, net40, dnx451, dnxcore50, monoandroid, monotouch, monomac, portable-net45+netcore45+wpa81+monoandroid1+monotouch1, xamarinios, xamarinmac, winv4.5, winv4.5.1
    Microsoft.Diagnostics.Tracing.EventSource.Redist (1.1.28) - framework: net35, net40, portable-net45+netcore45+wpa81+monoandroid1+monotouch1, monotouch, monoandroid, monomac, xamarinios, xamarinmac, winv4.5, winv4.5.1, dnx451, dnxcore50
    NuGet.CommandLine (3.3.0)
    NUnit (2.6.4)
    NUnit.Runners (2.6.4)
    Unquote (3.1.0)
    Yaaf.AdvancedBuilding (0.11.5)
      FAKE (4.9.3)
      FSharp.Formatting (2.12.0)
      FSharpVSPowerTools.Core (2.1.0)
GITHUB
  remote: Microsoft/ApplicationInsights-dotnet
  specs:
    src/Core/Managed/Net40/Extensibility/Implementation/TelemetryConfigurationFactory.cs (0cae65d4a88dd1ff6a4f60a2c9648602846865b9)
    src/Core/Managed/PCL/Extensibility/Implementation/Platform/PlatformImplementation.cs (0cae65d4a88dd1ff6a4f60a2c9648602846865b9)
    src/Core/Managed/PCL/TimeSpanEx.cs (0cae65d4a88dd1ff6a4f60a2c9648602846865b9)
    src/Core/Managed/Shared/Channel/InMemoryChannel.cs (0cae65d4a88dd1ff6a4f60a2c9648602846865b9)
    src/Core/Managed/Shared/Channel/InMemoryTransmitter.cs (0cae65d4a88dd1ff6a4f60a2c9648602846865b9)
    src/Core/Managed/Shared/Channel/ITelemetry.cs (0cae65d4a88dd1ff6a4f60a2c9648602846865b9)
    src/Core/Managed/Shared/Channel/ITelemetryChannel.cs (0cae65d4a88dd1ff6a4f60a2c9648602846865b9)
    src/Core/Managed/Shared/Channel/TelemetryBuffer.cs (0cae65d4a88dd1ff6a4f60a2c9648602846865b9)
    src/Core/Managed/Shared/Channel/Transmission.cs (0cae65d4a88dd1ff6a4f60a2c9648602846865b9)
    src/Core/Managed/Shared/Constants.cs (0cae65d4a88dd1ff6a4f60a2c9648602846865b9)
    src/Core/Managed/Shared/DataContracts/DependencyTelemetry.cs (0cae65d4a88dd1ff6a4f60a2c9648602846865b9)
    src/Core/Managed/Shared/DataContracts/EventTelemetry.cs (0cae65d4a88dd1ff6a4f60a2c9648602846865b9)
    src/Core/Managed/Shared/DataContracts/ExceptionHandledAt.cs (0cae65d4a88dd1ff6a4f60a2c9648602846865b9)
    src/Core/Managed/Shared/DataContracts/ExceptionTelemetry.cs (0cae65d4a88dd1ff6a4f60a2c9648602846865b9)
    src/Core/Managed/Shared/DataContracts/IJsonWriter.cs (0cae65d4a88dd1ff6a4f60a2c9648602846865b9)
    src/Core/Managed/Shared/DataContracts/InnerExceptionCountExceededException.cs (0cae65d4a88dd1ff6a4f60a2c9648602846865b9)
    src/Core/Managed/Shared/DataContracts/ISupportProperties.cs (0cae65d4a88dd1ff6a4f60a2c9648602846865b9)
    src/Core/Managed/Shared/DataContracts/ISupportSampling.cs (0cae65d4a88dd1ff6a4f60a2c9648602846865b9)
    src/Core/Managed/Shared/DataContracts/MetricTelemetry.cs (0cae65d4a88dd1ff6a4f60a2c9648602846865b9)
    src/Core/Managed/Shared/DataContracts/PageViewTelemetry.cs (0cae65d4a88dd1ff6a4f60a2c9648602846865b9)
    src/Core/Managed/Shared/DataContracts/PerformanceCounterTelemetry.cs (0cae65d4a88dd1ff6a4f60a2c9648602846865b9)
    src/Core/Managed/Shared/DataContracts/RequestTelemetry.cs (0cae65d4a88dd1ff6a4f60a2c9648602846865b9)
    src/Core/Managed/Shared/DataContracts/SessionState.cs (0cae65d4a88dd1ff6a4f60a2c9648602846865b9)
    src/Core/Managed/Shared/DataContracts/SessionStateTelemetry.cs (0cae65d4a88dd1ff6a4f60a2c9648602846865b9)
    src/Core/Managed/Shared/DataContracts/SeverityLevel.cs (0cae65d4a88dd1ff6a4f60a2c9648602846865b9)
    src/Core/Managed/Shared/DataContracts/TelemetryContext.cs (0cae65d4a88dd1ff6a4f60a2c9648602846865b9)
    src/Core/Managed/Shared/DataContracts/TraceTelemetry.cs (0cae65d4a88dd1ff6a4f60a2c9648602846865b9)
    src/Core/Managed/Shared/Extensibility/IDebugOutput.cs (0cae65d4a88dd1ff6a4f60a2c9648602846865b9)
    src/Core/Managed/Shared/Extensibility/Implementation/Clock.cs (0cae65d4a88dd1ff6a4f60a2c9648602846865b9)
    src/Core/Managed/Shared/Extensibility/Implementation/CloudContext.cs (0cae65d4a88dd1ff6a4f60a2c9648602846865b9)
    src/Core/Managed/Shared/Extensibility/Implementation/ComponentContext.cs (0cae65d4a88dd1ff6a4f60a2c9648602846865b9)
    src/Core/Managed/Shared/Extensibility/Implementation/DebugOutput.cs (0cae65d4a88dd1ff6a4f60a2c9648602846865b9)
    src/Core/Managed/Shared/Extensibility/Implementation/DeviceContext.cs (0cae65d4a88dd1ff6a4f60a2c9648602846865b9)
    src/Core/Managed/Shared/Extensibility/Implementation/ExceptionConverter.cs (0cae65d4a88dd1ff6a4f60a2c9648602846865b9)
    src/Core/Managed/Shared/Extensibility/Implementation/External/AjaxCallData.cs (0cae65d4a88dd1ff6a4f60a2c9648602846865b9)
    src/Core/Managed/Shared/Extensibility/Implementation/External/AppInsightsTypes.g.cs (0cae65d4a88dd1ff6a4f60a2c9648602846865b9)
    src/Core/Managed/Shared/Extensibility/Implementation/External/ContextTagKeys.cs (0cae65d4a88dd1ff6a4f60a2c9648602846865b9)
    src/Core/Managed/Shared/Extensibility/Implementation/External/ContextTagKeys.g.cs (0cae65d4a88dd1ff6a4f60a2c9648602846865b9)
    src/Core/Managed/Shared/Extensibility/Implementation/External/DataPoint.cs (0cae65d4a88dd1ff6a4f60a2c9648602846865b9)
    src/Core/Managed/Shared/Extensibility/Implementation/External/DependencyKind.g.cs (0cae65d4a88dd1ff6a4f60a2c9648602846865b9)
    src/Core/Managed/Shared/Extensibility/Implementation/External/EventData.cs (0cae65d4a88dd1ff6a4f60a2c9648602846865b9)
    src/Core/Managed/Shared/Extensibility/Implementation/External/ExceptionData.cs (0cae65d4a88dd1ff6a4f60a2c9648602846865b9)
    src/Core/Managed/Shared/Extensibility/Implementation/External/ExceptionDetails.cs (0cae65d4a88dd1ff6a4f60a2c9648602846865b9)
    src/Core/Managed/Shared/Extensibility/Implementation/External/MessageData.cs (0cae65d4a88dd1ff6a4f60a2c9648602846865b9)
    src/Core/Managed/Shared/Extensibility/Implementation/External/MetricData.cs (0cae65d4a88dd1ff6a4f60a2c9648602846865b9)
    src/Core/Managed/Shared/Extensibility/Implementation/External/PageViewData.cs (0cae65d4a88dd1ff6a4f60a2c9648602846865b9)
    src/Core/Managed/Shared/Extensibility/Implementation/External/PageViewPerfData.cs (0cae65d4a88dd1ff6a4f60a2c9648602846865b9)
    src/Core/Managed/Shared/Extensibility/Implementation/External/PerformanceCounterData.cs (0cae65d4a88dd1ff6a4f60a2c9648602846865b9)
    src/Core/Managed/Shared/Extensibility/Implementation/External/PerformanceCounterData.g.cs (0cae65d4a88dd1ff6a4f60a2c9648602846865b9)
    src/Core/Managed/Shared/Extensibility/Implementation/External/RemoteDependencyData.cs (0cae65d4a88dd1ff6a4f60a2c9648602846865b9)
    src/Core/Managed/Shared/Extensibility/Implementation/External/RequestData.cs (0cae65d4a88dd1ff6a4f60a2c9648602846865b9)
    src/Core/Managed/Shared/Extensibility/Implementation/External/SessionStateData.cs (0cae65d4a88dd1ff6a4f60a2c9648602846865b9)
    src/Core/Managed/Shared/Extensibility/Implementation/External/SessionStateData.g.cs (0cae65d4a88dd1ff6a4f60a2c9648602846865b9)
    src/Core/Managed/Shared/Extensibility/Implementation/External/SeverityLevel.g.cs (0cae65d4a88dd1ff6a4f60a2c9648602846865b9)
    src/Core/Managed/Shared/Extensibility/Implementation/External/StackFrame.cs (0cae65d4a88dd1ff6a4f60a2c9648602846865b9)
    src/Core/Managed/Shared/Extensibility/Implementation/External/Tags.cs (0cae65d4a88dd1ff6a4f60a2c9648602846865b9)
    src/Core/Managed/Shared/Extensibility/Implementation/FixedSizeQueue.cs (0cae65d4a88dd1ff6a4f60a2c9648602846865b9)
    src/Core/Managed/Shared/Extensibility/Implementation/IClock.cs (0cae65d4a88dd1ff6a4f60a2c9648602846865b9)
    src/Core/Managed/Shared/Extensibility/Implementation/InternalContext.cs (0cae65d4a88dd1ff6a4f60a2c9648602846865b9)
    src/Core/Managed/Shared/Extensibility/Implementation/IPlatform.cs (0cae65d4a88dd1ff6a4f60a2c9648602846865b9)
    src/Core/Managed/Shared/Extensibility/Implementation/IPlatformDispatcher.cs (0cae65d4a88dd1ff6a4f60a2c9648602846865b9)
    src/Core/Managed/Shared/Extensibility/Implementation/IRandomNumberBatchGenerator.cs (0cae65d4a88dd1ff6a4f60a2c9648602846865b9)
    src/Core/Managed/Shared/Extensibility/Implementation/JsonSerializer.cs (0cae65d4a88dd1ff6a4f60a2c9648602846865b9)
    src/Core/Managed/Shared/Extensibility/Implementation/JsonWriter.cs (0cae65d4a88dd1ff6a4f60a2c9648602846865b9)
    src/Core/Managed/Shared/Extensibility/Implementation/LocationContext.cs (0cae65d4a88dd1ff6a4f60a2c9648602846865b9)
    src/Core/Managed/Shared/Extensibility/Implementation/OperationContext.cs (0cae65d4a88dd1ff6a4f60a2c9648602846865b9)
    src/Core/Managed/Shared/Extensibility/Implementation/OperationTelemetry.cs (0cae65d4a88dd1ff6a4f60a2c9648602846865b9)
    src/Core/Managed/Shared/Extensibility/Implementation/Platform/PlatformSingleton.cs (0cae65d4a88dd1ff6a4f60a2c9648602846865b9)
    src/Core/Managed/Shared/Extensibility/Implementation/Property.cs (0cae65d4a88dd1ff6a4f60a2c9648602846865b9)
    src/Core/Managed/Shared/Extensibility/Implementation/SessionContext.cs (0cae65d4a88dd1ff6a4f60a2c9648602846865b9)
    src/Core/Managed/Shared/Extensibility/Implementation/SeverityLevelExtensions.cs (0cae65d4a88dd1ff6a4f60a2c9648602846865b9)
    src/Core/Managed/Shared/Extensibility/Implementation/SnapshottingCollection.cs (0cae65d4a88dd1ff6a4f60a2c9648602846865b9)
    src/Core/Managed/Shared/Extensibility/Implementation/SnapshottingDictionary.cs (0cae65d4a88dd1ff6a4f60a2c9648602846865b9)
    src/Core/Managed/Shared/Extensibility/Implementation/SnapshottingList.cs (0cae65d4a88dd1ff6a4f60a2c9648602846865b9)
    src/Core/Managed/Shared/Extensibility/Implementation/TaskTimer.cs (0cae65d4a88dd1ff6a4f60a2c9648602846865b9)
    src/Core/Managed/Shared/Extensibility/Implementation/Telemetry.cs (0cae65d4a88dd1ff6a4f60a2c9648602846865b9)
    src/Core/Managed/Shared/Extensibility/Implementation/TelemetryContextExtensions.cs (0cae65d4a88dd1ff6a4f60a2c9648602846865b9)
    src/Core/Managed/Shared/Extensibility/Implementation/TelemetryItemExtensions.cs (0cae65d4a88dd1ff6a4f60a2c9648602846865b9)
    src/Core/Managed/Shared/Extensibility/Implementation/TelemetryProcessorChain.cs (0cae65d4a88dd1ff6a4f60a2c9648602846865b9)
    src/Core/Managed/Shared/Extensibility/Implementation/TelemetryProcessorChainBuilder.cs (0cae65d4a88dd1ff6a4f60a2c9648602846865b9)
    src/Core/Managed/Shared/Extensibility/Implementation/Tracing/ApplicationNameProvider.cs (0cae65d4a88dd1ff6a4f60a2c9648602846865b9)
    src/Core/Managed/Shared/Extensibility/Implementation/Tracing/CoreEventSource.cs (0cae65d4a88dd1ff6a4f60a2c9648602846865b9)
    src/Core/Managed/Shared/Extensibility/Implementation/Tracing/DiagnoisticsEventCounters.cs (0cae65d4a88dd1ff6a4f60a2c9648602846865b9)
    src/Core/Managed/Shared/Extensibility/Implementation/Tracing/DiagnoisticsEventThrottling.cs (0cae65d4a88dd1ff6a4f60a2c9648602846865b9)
    src/Core/Managed/Shared/Extensibility/Implementation/Tracing/DiagnoisticsEventThrottlingDefaults.cs (0cae65d4a88dd1ff6a4f60a2c9648602846865b9)
    src/Core/Managed/Shared/Extensibility/Implementation/Tracing/DiagnoisticsEventThrottlingManager.cs (0cae65d4a88dd1ff6a4f60a2c9648602846865b9)
    src/Core/Managed/Shared/Extensibility/Implementation/Tracing/DiagnoisticsEventThrottlingScheduler.cs (0cae65d4a88dd1ff6a4f60a2c9648602846865b9)
    src/Core/Managed/Shared/Extensibility/Implementation/Tracing/EventMetaData.cs (0cae65d4a88dd1ff6a4f60a2c9648602846865b9)
    src/Core/Managed/Shared/Extensibility/Implementation/Tracing/EventSourceKeywords.cs (0cae65d4a88dd1ff6a4f60a2c9648602846865b9)
    src/Core/Managed/Shared/Extensibility/Implementation/Tracing/Extensions.cs (0cae65d4a88dd1ff6a4f60a2c9648602846865b9)
    src/Core/Managed/Shared/Extensibility/Implementation/Tracing/F5DiagnosticsSender.cs (0cae65d4a88dd1ff6a4f60a2c9648602846865b9)
    src/Core/Managed/Shared/Extensibility/Implementation/Tracing/IDiagnoisticsEventThrottling.cs (0cae65d4a88dd1ff6a4f60a2c9648602846865b9)
    src/Core/Managed/Shared/Extensibility/Implementation/Tracing/IDiagnoisticsEventThrottlingManager.cs (0cae65d4a88dd1ff6a4f60a2c9648602846865b9)
    src/Core/Managed/Shared/Extensibility/Implementation/Tracing/IDiagnoisticsEventThrottlingScheduler.cs (0cae65d4a88dd1ff6a4f60a2c9648602846865b9)
    src/Core/Managed/Shared/Extensibility/Implementation/Tracing/IDiagnosticsSender.cs (0cae65d4a88dd1ff6a4f60a2c9648602846865b9)
    src/Core/Managed/Shared/Extensibility/Implementation/Tracing/PortalDiagnosticsQueueSender.cs (0cae65d4a88dd1ff6a4f60a2c9648602846865b9)
    src/Core/Managed/Shared/Extensibility/Implementation/Tracing/PortalDiagnosticsSender.cs (0cae65d4a88dd1ff6a4f60a2c9648602846865b9)
    src/Core/Managed/Shared/Extensibility/Implementation/Tracing/SpinWait.cs (0cae65d4a88dd1ff6a4f60a2c9648602846865b9)
    src/Core/Managed/Shared/Extensibility/Implementation/Tracing/ThreadResourceLock.cs (0cae65d4a88dd1ff6a4f60a2c9648602846865b9)
    src/Core/Managed/Shared/Extensibility/Implementation/Tracing/TraceEvent.cs (0cae65d4a88dd1ff6a4f60a2c9648602846865b9)
    src/Core/Managed/Shared/Extensibility/Implementation/TransmissionProcessor.cs (0cae65d4a88dd1ff6a4f60a2c9648602846865b9)
    src/Core/Managed/Shared/Extensibility/Implementation/TypeExtensions.cs (0cae65d4a88dd1ff6a4f60a2c9648602846865b9)
    src/Core/Managed/Shared/Extensibility/Implementation/UserContext.cs (0cae65d4a88dd1ff6a4f60a2c9648602846865b9)
    src/Core/Managed/Shared/Extensibility/Implementation/WeakConcurrentRandom.cs (0cae65d4a88dd1ff6a4f60a2c9648602846865b9)
    src/Core/Managed/Shared/Extensibility/Implementation/XorshiftRandomBatchGenerator.cs (0cae65d4a88dd1ff6a4f60a2c9648602846865b9)
    src/Core/Managed/Shared/Extensibility/IOperationHolder.cs (0cae65d4a88dd1ff6a4f60a2c9648602846865b9)
    src/Core/Managed/Shared/Extensibility/ITelemetryInitializer.cs (0cae65d4a88dd1ff6a4f60a2c9648602846865b9)
    src/Core/Managed/Shared/Extensibility/ITelemetryModule.cs (0cae65d4a88dd1ff6a4f60a2c9648602846865b9)
    src/Core/Managed/Shared/Extensibility/ITelemetryProcessor.cs (0cae65d4a88dd1ff6a4f60a2c9648602846865b9)
    src/Core/Managed/Shared/Extensibility/SdkVersionPropertyTelemetryInitializer.cs (0cae65d4a88dd1ff6a4f60a2c9648602846865b9)
    src/Core/Managed/Shared/Extensibility/SequencePropertyInitializer.cs (0cae65d4a88dd1ff6a4f60a2c9648602846865b9)
    src/Core/Managed/Shared/Extensibility/TelemetryConfiguration.cs (0cae65d4a88dd1ff6a4f60a2c9648602846865b9)
    src/Core/Managed/Shared/Extensibility/TelemetryConfigurationExtensions.cs (0cae65d4a88dd1ff6a4f60a2c9648602846865b9)
    src/Core/Managed/Shared/Extensibility/TelemetryModules.cs (0cae65d4a88dd1ff6a4f60a2c9648602846865b9)
    src/Core/Managed/Shared/GlobalSuppressions.cs (0cae65d4a88dd1ff6a4f60a2c9648602846865b9)
    src/Core/Managed/Shared/OperationTelemetryExtensions.cs (0cae65d4a88dd1ff6a4f60a2c9648602846865b9)
    src/Core/Managed/Shared/Properties/AssemblyInfo.cs (0cae65d4a88dd1ff6a4f60a2c9648602846865b9)
    src/Core/Managed/Shared/TelemetryClient.cs (0cae65d4a88dd1ff6a4f60a2c9648602846865b9)
    src/Core/Managed/Shared/Utils.cs (0cae65d4a88dd1ff6a4f60a2c9648602846865b9)