NUGET
  remote: https://nuget.org/api/v2
  specs:
    FAKE (4.9.3)
    FSharp.Compiler.Service (1.4.0.6)
    FSharp.Core (4.0.0.1)
    FSharp.Formatting (2.12.0)
      FSharp.Compiler.Service (1.4.0.6)
      FSharpVSPowerTools.Core (2.1.0)
    FSharpVSPowerTools.Core (2.1.0)
      FSharp.Compiler.Service (>= 1.4.0.6)
    Microsoft.ApplicationInsights (1.2.3)
      Microsoft.Bcl.Async (>= 1.0.168) - framework: net40, wpv8.0
      Microsoft.Diagnostics.Tracing.EventSource.Redist (>= 1.1.24) - framework: net40
    Microsoft.Bcl (1.1.10) - framework: net40, wpv8.0
      Microsoft.Bcl.Build (>= 1.0.14)
    Microsoft.Bcl.Async (1.0.168) - framework: net40, wpv8.0
      Microsoft.Bcl (>= 1.1.8)
    Microsoft.Bcl.Build (1.0.21) - import_targets: false, framework: net40, wpv8.0
    Microsoft.Diagnostics.Tracing.EventSource.Redist (1.1.28) - framework: net40
    NuGet.CommandLine (3.3.0)
    NUnit (2.6.4)
    NUnit.Runners (2.6.4)
    Unquote (3.1.0)
    Yaaf.AdvancedBuilding (0.11.5)
      FAKE (4.9.3)
      FSharp.Formatting (2.12.0)
      FSharpVSPowerTools.Core (2.1.0)
